GEM
  remote: https://rubygems.org/
  specs:
    actionmailer (4.0.3)
      actionpack (= 4.0.3)
      mail (~> 2.5.4)
    actionpack (4.0.3)
      activesupport (= 4.0.3)
      builder (~> 3.1.0)
      erubis (~> 2.7.0)
      rack (~> 1.5.2)
      rack-test (~> 0.6.2)
    activemodel (4.0.3)
      activesupport (= 4.0.3)
      builder (~> 3.1.0)
    activerecord (4.0.3)
      activemodel (= 4.0.3)
      activerecord-deprecated_finders (~> 1.0.2)
      activesupport (= 4.0.3)
      arel (~> 4.0.0)
    activerecord-deprecated_finders (1.0.3)
    activesupport (4.0.3)
      i18n (~> 0.6, >= 0.6.4)
      minitest (~> 4.2)
      multi_json (~> 1.3)
      thread_safe (~> 0.1)
      tzinfo (~> 0.3.37)
    arel (4.0.2)
<<<<<<< HEAD
    atomic (1.1.16)
    bootstrap-sass (3.1.1.0)
      sass (~> 3.2)
=======
    atomic (1.1.15)
<<<<<<< HEAD
    bootstrap-sass (3.1.1.0)
      sass (~> 3.2)
=======
>>>>>>> 8b1ec21485ddef8caa60b5a0d0e4f69058cfc7c7
>>>>>>> f21cc1d0678f2c01c36583d8856f544126dd359c
    builder (3.1.4)
    coffee-rails (4.0.1)
      coffee-script (>= 2.2.0)
      railties (>= 4.0.0, < 5.0)
    coffee-script (2.2.0)
      coffee-script-source
      execjs
    coffee-script-source (1.7.0)
<<<<<<< HEAD
=======
    diff-lcs (1.2.5)
>>>>>>> f21cc1d0678f2c01c36583d8856f544126dd359c
    erubis (2.7.0)
    execjs (2.0.2)
    hike (1.2.3)
    i18n (0.6.9)
    jbuilder (1.5.3)
      activesupport (>= 3.0.0)
      multi_json (>= 1.2.0)
    jquery-rails (3.1.0)
      railties (>= 3.0, < 5.0)
      thor (>= 0.14, < 2.0)
    json (1.8.1)
    mail (2.5.4)
      mime-types (~> 1.16)
      treetop (~> 1.4.8)
    mime-types (1.25.1)
    minitest (4.7.5)
<<<<<<< HEAD
    multi_json (1.9.2)
    pg (0.17.1)
=======
    multi_json (1.8.4)
    pg (0.15.1)
>>>>>>> f21cc1d0678f2c01c36583d8856f544126dd359c
    polyglot (0.3.4)
    posix-spawn (0.3.8)
    pygments.rb (0.5.4)
      posix-spawn (~> 0.3.6)
      yajl-ruby (~> 1.1.0)
    quiet_assets (1.0.2)
      railties (>= 3.1, < 5.0)
    rack (1.5.2)
    rack-test (0.6.2)
      rack (>= 1.0)
    rails (4.0.3)
      actionmailer (= 4.0.3)
      actionpack (= 4.0.3)
      activerecord (= 4.0.3)
      activesupport (= 4.0.3)
      bundler (>= 1.3.0, < 2.0)
      railties (= 4.0.3)
      sprockets-rails (~> 2.0.0)
<<<<<<< HEAD
=======
    rails_12factor (0.0.2)
      rails_serve_static_assets
      rails_stdout_logging
    rails_serve_static_assets (0.0.2)
    rails_stdout_logging (0.0.3)
>>>>>>> f21cc1d0678f2c01c36583d8856f544126dd359c
    railties (4.0.3)
      actionpack (= 4.0.3)
      activesupport (= 4.0.3)
      rake (>= 0.8.7)
      thor (>= 0.18.1, < 2.0)
<<<<<<< HEAD
    rake (10.2.2)
    rdoc (4.1.1)
      json (~> 1.4)
    redcarpet (3.1.1)
    sass (3.2.18)
    sass-rails (4.0.2)
      railties (>= 4.0.0, < 5.0)
      sass (~> 3.2.0)
      sprockets (~> 2.8, <= 2.11.0)
      sprockets-rails (~> 2.0.0)
    sdoc (0.4.0)
      json (~> 1.8)
      rdoc (~> 4.0, < 5.0)
=======
    rake (10.1.1)
    redcarpet (3.1.1)
    rspec-core (2.14.8)
    rspec-expectations (2.14.5)
      diff-lcs (>= 1.1.3, < 2.0)
    rspec-mocks (2.14.6)
    rspec-rails (2.14.1)
      actionpack (>= 3.0)
      activemodel (>= 3.0)
      activesupport (>= 3.0)
      railties (>= 3.0)
      rspec-core (~> 2.14.0)
      rspec-expectations (~> 2.14.0)
      rspec-mocks (~> 2.14.0)
<<<<<<< HEAD
    sass (3.3.4)
    sass-rails (4.0.1)
      railties (>= 4.0.0, < 5.0)
      sass (>= 3.1.10)
      sprockets-rails (~> 2.0.0)
=======
>>>>>>> 8b1ec21485ddef8caa60b5a0d0e4f69058cfc7c7
>>>>>>> f21cc1d0678f2c01c36583d8856f544126dd359c
    sprockets (2.11.0)
      hike (~> 1.2)
      multi_json (~> 1.0)
      rack (~> 1.0)
      tilt (~> 1.1, != 1.3.0)
    sprockets-rails (2.0.1)
      actionpack (>= 3.0)
      activesupport (>= 3.0)
      sprockets (~> 2.8)
<<<<<<< HEAD
    sqlite3 (1.3.9)
    thor (0.19.1)
    thread_safe (0.3.1)
=======
    sqlite3 (1.3.8)
    thor (0.18.1)
    thread_safe (0.2.0)
>>>>>>> f21cc1d0678f2c01c36583d8856f544126dd359c
      atomic (>= 1.1.7, < 2)
    tilt (1.4.1)
    treetop (1.4.15)
      polyglot
      polyglot (>= 0.3.1)
    turbolinks (2.2.1)
      coffee-rails
<<<<<<< HEAD
    tzinfo (0.3.39)
    uglifier (2.5.0)
      execjs (>= 0.3.0)
      json (>= 1.8.0)
    will_paginate (3.0.5)
=======
    tzinfo (0.3.38)
    uglifier (2.4.0)
      execjs (>= 0.3.0)
      json (>= 1.8.0)
<<<<<<< HEAD
    will_paginate (3.0.5)
=======
>>>>>>> 8b1ec21485ddef8caa60b5a0d0e4f69058cfc7c7
>>>>>>> f21cc1d0678f2c01c36583d8856f544126dd359c
    yajl-ruby (1.1.0)

PLATFORMS
  ruby

DEPENDENCIES
<<<<<<< HEAD
  bootstrap-sass (~> 3.1.1)
  coffee-rails (~> 4.0.0)
  jbuilder (~> 1.2)
  jquery-rails
  pg
  pygments.rb
  quiet_assets
  rails (= 4.0.3)
  redcarpet
  sass-rails (~> 4.0.0)
  sdoc
  sqlite3
  turbolinks
  uglifier (>= 1.3.0)
  will_paginate (~> 3.0.5)
=======
<<<<<<< HEAD
  bootstrap-sass (~> 3.1.1)
=======
>>>>>>> 8b1ec21485ddef8caa60b5a0d0e4f69058cfc7c7
  coffee-rails (~> 4.0.0)
  jbuilder (~> 1.2)
  jquery-rails (= 3.1.0)
  pg (= 0.15.1)
<<<<<<< HEAD
  pygments.rb
=======
  pygments.rb (= 0.5.4)
>>>>>>> 8b1ec21485ddef8caa60b5a0d0e4f69058cfc7c7
  quiet_assets
  rails (= 4.0.3)
  rails_12factor (= 0.0.2)
  redcarpet (= 3.1.1)
  rspec-rails
<<<<<<< HEAD
  sass-rails (~> 4.0.0)
  sqlite3 (= 1.3.8)
  turbolinks
  uglifier (>= 1.3.0)
  will_paginate (~> 3.0.5)
=======
  sqlite3 (= 1.3.8)
  turbolinks
  uglifier (>= 1.3.0)
>>>>>>> 8b1ec21485ddef8caa60b5a0d0e4f69058cfc7c7
>>>>>>> f21cc1d0678f2c01c36583d8856f544126dd359c
